GIT
  remote: https://github.com/halostatue/rubypython.git
  revision: 48d97d424ef54ff39c7c37c0908d82c66de9350a
  specs:
    rubypython (0.6.4)
      blankslate (>= 2.1.2.3)
      ffi (~> 1.0.7)

PATH
  remote: .
  specs:
    NumRu (0.1.0)

GEM
  remote: https://rubygems.org/
  specs:
    blankslate (3.1.3)
    coderay (1.1.2)
    diff-lcs (1.3)
    ffi (1.0.11)
    method_source (0.9.0)
    pry (0.11.3)
      coderay (~> 1.1.0)
      method_source (~> 0.9.0)
    rake (10.5.0)
    rspec (3.7.0)
      rspec-core (~> 3.7.0)
      rspec-expectations (~> 3.7.0)
      rspec-mocks (~> 3.7.0)
    rspec-core (3.7.1)
      rspec-support (~> 3.7.0)
    rspec-expectations (3.7.0)
      diff-lcs (>= 1.2.0, < 2.0)
      rspec-support (~> 3.7.0)
    rspec-mocks (3.7.0)
      diff-lcs (>= 1.2.0, < 2.0)
      rspec-support (~> 3.7.0)
    rspec-support (3.7.1)

PLATFORMS
  ruby

DEPENDENCIES
  NumRu!
  bundler (~> 1.16)
  pry
  rake (~> 10.0)
  rspec (~> 3.0)
  rubypython!

BUNDLED WITH
   1.16.1
